GEM
  remote: https://rubygems.org/
  specs:
    minitest (4.7.5)

PLATFORMS
  arm64-darwin-20

DEPENDENCIES
  minitest (~> 4.0)

BUNDLED WITH
   2.3.11
