GEM
  remote: https://rubygems.org/
  specs:
    power_assert (2.0.1)
    test-unit (3.5.3)
      power_assert

PLATFORMS
  arm64-darwin-20

DEPENDENCIES
  test-unit (~> 3.0)

BUNDLED WITH
   2.3.11
