GEM
  remote: https://rubygems.org/
  specs:
    diff-lcs (1.5.0)
    rspec (1.3.2)

PLATFORMS
  arm64-darwin-20

DEPENDENCIES
  diff-lcs
  rspec (~> 1.0)

BUNDLED WITH
   2.3.11
