GEM
  remote: https://rubygems.org/
  specs:
    minitest (5.15.0)

PLATFORMS
  arm64-darwin-20

DEPENDENCIES
  minitest (~> 5.0)

BUNDLED WITH
   2.3.11
