GEM
  remote: https://rubygems.org/
  specs:
    diff-lcs (1.5.0)
    rspec (2.99.0)
      rspec-core (~> 2.99.0)
      rspec-expectations (~> 2.99.0)
      rspec-mocks (~> 2.99.0)
    rspec-core (2.99.2)
    rspec-expectations (2.99.2)
      diff-lcs (>= 1.1.3, < 2.0)
    rspec-mocks (2.99.4)

PLATFORMS
  arm64-darwin-20

DEPENDENCIES
  rspec (~> 2.0)

BUNDLED WITH
   2.3.11
